GEM
  specs:
    concurrent-ruby (1.2.0)
    erubi (1.12.0)
    ffi (1.15.5)
    foreman (0.87.2)
    karafka (2.0.30)
      karafka-core (>= 2.0.9, < 3.0.0)
      thor (>= 0.20)
      waterdrop (>= 2.4.10, < 3.0.0)
      zeitwerk (~> 2.3)
    karafka-core (2.0.10)
      concurrent-ruby (>= 1.1)
      karafka-rdkafka (>= 0.12)
    karafka-rdkafka (0.12.0)
      ffi (~> 1.15)
      mini_portile2 (~> 2.6)
      rake (> 12)
    karafka-web (0.1.1)
      erubi (~> 1.4)
      karafka (>= 2.0.29, < 3.0.0)
      roda (~> 3.63)
      tilt (~> 2.0)
    mini_portile2 (2.8.1)
    mustermann (2.0.2)
      ruby2_keywords (~> 0.0.1)
    nio4r (2.5.8)
    puma (6.0.2)
      nio4r (~> 2.0)
    rack (2.2.6.2)
    rack-protection (2.2.4)
      rack
    rake (13.0.6)
    roda (3.64.0)
      rack
    ruby2_keywords (0.0.5)
    sinatra (2.2.4)
      mustermann (~> 2.0)
      rack (~> 2.2)
      rack-protection (= 2.2.4)
      tilt (~> 2.0)
    thor (1.2.1)
    tilt (2.0.11)
    waterdrop (2.4.10)
      karafka-core (>= 2.0.9, < 3.0.0)
      zeitwerk (~> 2.3)
    zeitwerk (2.6.6)

PLATFORMS
  x86_64-darwin-19

DEPENDENCIES
  foreman
  karafka
  karafka-web
  puma
  sinatra

RUBY VERSION
   ruby 2.7.5p203

BUNDLED WITH
   2.3.11
